GEM
  remote: https://rubygems.org/
  specs:
    aigu (1.2)
      nokogiri (~> 1.6)
    mini_portile2 (2.4.0)
    nokogiri (1.10.8)
      mini_portile2 (~> 2.4.0)

PLATFORMS
  ruby

DEPENDENCIES
  aigu

BUNDLED WITH
   1.16.2
